GEM
  remote: http://rubygems.org/
  specs:
    dalli (2.6.4)
    dbd-mysql (0.4.4)
      dbi (>= 0.4.0)
      mysql
    dbi (0.4.5)
      deprecated (= 2.0.1)
    deprecated (2.0.1)
    diff-lcs (1.2.4)
    memcached (1.7.0)
    mysql (2.8.1)
    rspec (2.14.1)
      rspec-core (~> 2.14.0)
      rspec-expectations (~> 2.14.0)
      rspec-mocks (~> 2.14.0)
    rspec-core (2.14.5)
    rspec-expectations (2.14.3)
      diff-lcs (>= 1.1.3, < 2.0)
    rspec-mocks (2.14.3)
    sequel (4.2.0)

PLATFORMS
  ruby

DEPENDENCIES
  dalli
  dbd-mysql
  memcached
  mysql
  rspec (>= 2.0.0.beta.13)
  sequel (= 4.2.0)
